PATH
  remote: .
  specs:
    routific (0.0.2)
      json (~> 1.8)
      rest-client (~> 1.7)

GEM
  remote: https://rubygems.org/
  specs:
    diff-lcs (1.2.5)
    dotenv (0.11.1)
      dotenv-deployment (~> 0.0.2)
    dotenv-deployment (0.0.2)
    faker (1.4.2)
      i18n (~> 0.5)
    i18n (0.6.11)
    json (1.8.1)
    mime-types (2.4.3)
    netrc (0.8.0)
    rest-client (1.7.2)
      mime-types (>= 1.16, < 3.0)
      netrc (~> 0.7)
    rspec (3.0.0)
      rspec-core (~> 3.0.0)
      rspec-expectations (~> 3.0.0)
      rspec-mocks (~> 3.0.0)
    rspec-core (3.0.2)
      rspec-support (~> 3.0.0)
    rspec-expectations (3.0.2)
      diff-lcs (>= 1.2.0, < 2.0)
      rspec-support (~> 3.0.0)
    rspec-mocks (3.0.2)
      rspec-support (~> 3.0.0)
    rspec-support (3.0.2)

PLATFORMS
  ruby

DEPENDENCIES
  dotenv (~> 0.11)
  faker (~> 1.4)
  routific!
  rspec (~> 3.0)
